GEM
  remote: https://rubygems.org/
  specs:
    activemodel (7.2.1)
      activesupport (= 7.2.1)
    activemodel-serializers-xml (1.0.2)
      activemodel (> 5.x)
      activesupport (> 5.x)
      builder (~> 3.1)
    activerecord (7.2.1)
      activemodel (= 7.2.1)
      activesupport (= 7.2.1)
      timeout (>= 0.4.0)
    activesupport (7.2.1)
      base64
      bigdecimal
      concurrent-ruby (~> 1.0, >= 1.3.1)
      connection_pool (>= 2.2.5)
      drb
      i18n (>= 1.6, < 2)
      logger (>= 1.4.2)
      minitest (>= 5.1)
      securerandom (>= 0.3)
      tzinfo (~> 2.0, >= 2.0.5)
    base64 (0.2.0)
    bigdecimal (3.1.8)
    bson (5.0.1)
    builder (3.3.0)
    concurrent-ruby (1.3.4)
    connection_pool (2.4.1)
    drb (2.2.1)
    i18n (1.14.5)
      concurrent-ruby (~> 1.0)
    logger (1.6.1)
    minitest (5.25.1)
    mongo (2.20.1)
      bson (>= 4.14.1, < 6.0.0)
    mongo_mapper (0.16.0)
      activemodel (>= 5.0)
      activemodel-serializers-xml (~> 1.0)
      activesupport (>= 5.0)
      mongo (~> 2.0)
      plucky (~> 0.8.0)
      rexml
    mustermann (3.0.3)
      ruby2_keywords (~> 0.0.1)
    plucky (0.8.0)
      mongo (~> 2.0)
    rack (3.1.7)
    rack-protection (4.0.0)
      base64 (>= 0.1.0)
      rack (>= 3.0.0, < 4)
    rack-session (2.0.0)
      rack (>= 3.0.0)
    rexml (3.3.6)
      strscan
    ruby2_keywords (0.0.5)
    securerandom (0.3.1)
    sinatra (4.0.0)
      mustermann (~> 3.0)
      rack (>= 3.0.0, < 4)
      rack-protection (= 4.0.0)
      rack-session (>= 2.0.0, < 3)
      tilt (~> 2.0)
    sinatra-activerecord (2.0.27)
      activerecord (>= 4.1)
      sinatra (>= 1.0)
    strscan (3.1.0)
    tilt (2.4.0)
    timeout (0.4.1)
    tzinfo (2.0.6)
      concurrent-ruby (~> 1.0)

PLATFORMS
  ruby
  x86_64-linux

DEPENDENCIES
  mongo_mapper
  sinatra
  sinatra-activerecord

BUNDLED WITH
   2.5.17
